PATH
  remote: .
  specs:
    add_to_calendar (0.2.5)
      tzinfo (>= 1.1, < 3)
      tzinfo-data (~> 1.2021)

GEM
  remote: https://rubygems.org/
  specs:
    coderay (1.1.3)
    concurrent-ruby (1.1.8)
    method_source (1.0.0)
    minitest (5.14.4)
    pry (0.14.0)
      coderay (~> 1.1)
      method_source (~> 1.0)
    rake (13.0.3)
    tzinfo (2.0.4)
      concurrent-ruby (~> 1.0)
    tzinfo-data (1.2021.1)
      tzinfo (>= 1.0.0)

PLATFORMS
  ruby

DEPENDENCIES
  add_to_calendar!
  bundler (~> 2.0)
  minitest (~> 5.0)
  pry (~> 0.14.0)
  rake (~> 13.0.3)

BUNDLED WITH
   2.2.3
